GEM
  remote: http://rubygems.org/
  specs:
    faraday (0.8.1)
      multipart-post (~> 1.1)
    haml (3.1.6)
    hashie (1.2.0)
    multi_json (1.3.6)
    multipart-post (1.1.5)
    oauth (0.4.6)
    omniauth (1.1.0)
      hashie (~> 1.2)
      rack
    omniauth-oauth (1.0.1)
      oauth
      omniauth (~> 1.0)
    omniauth-twitter (0.0.12)
      multi_json (~> 1.3)
      omniauth-oauth (~> 1.0)
    rack (1.4.1)
    rack-flash3 (1.0.1)
      rack
      rack
    rack-protection (1.2.0)
      rack
    rack-session-file (0.3.0)
      rack (>= 1.1.0)
    simple_oauth (0.1.9)
    sinatra (1.3.2)
      rack (~> 1.3, >= 1.3.6)
      rack-protection (~> 1.2)
      tilt (~> 1.3, >= 1.3.3)
    tilt (1.3.3)
    twitter (3.3.1)
      faraday (~> 0.8)
      multi_json (~> 1.3)
      simple_oauth (~> 0.1.6)

PLATFORMS
  ruby

DEPENDENCIES
  haml (~> 3.1.6)
  omniauth (~> 1.1.0)
  omniauth-twitter (= 0.0.12)
  rack-flash3 (~> 1.0.1)
  rack-session-file (~> 0.3.0)
  sinatra (~> 1.3.2)
  twitter (~> 3.3.1)
